GEM
  remote: http://rubygems.org/
  specs:
    addressable (2.2.7)
    coderay (1.0.5)
    colorize (0.5.8)
    crack (0.3.1)
    diff-lcs (1.1.3)
    method_source (0.7.1)
    pry (0.9.8.4)
      coderay (~> 1.0.5)
      method_source (~> 0.7.1)
      slop (>= 2.4.4, < 3)
    rake (0.9.2.2)
    rspec (2.8.0)
      rspec-core (~> 2.8.0)
      rspec-expectations (~> 2.8.0)
      rspec-mocks (~> 2.8.0)
    rspec-core (2.8.0)
    rspec-expectations (2.8.0)
      diff-lcs (~> 1.1.2)
    rspec-mocks (2.8.0)
    slop (2.4.4)
    vcr (2.0.0)
    webmock (1.8.2)
      addressable (>= 2.2.7)
      crack (>= 0.1.7)

PLATFORMS
  ruby

DEPENDENCIES
  colorize
  pry
  rake
  rspec
  vcr (~> 2.0.0.rc2)
  webmock
